GEM
  remote: http://rubygems.org/
  specs:
    bdz (1.0)
      json
      nestful
      nokogiri
    json (1.8.0)
    nestful (1.0.3)
    nokogiri (1.5.9)
    rack (1.5.2)
    rack-protection (1.5.0)
      rack
    sinatra (1.4.2)
      rack (~> 1.5, >= 1.5.2)
      rack-protection (~> 1.4)
      tilt (~> 1.3, >= 1.3.4)
    tilt (1.4.1)

PLATFORMS
  ruby

DEPENDENCIES
  bdz
  json
  sinatra
