GEM
  remote: http://rubygems.org/
  specs:
    bdz (0.0.6)
      faraday
      json
      nokogiri
    faraday (0.8.4)
      multipart-post (~> 1.1)
    json (1.7.6)
    multipart-post (1.1.5)
    nokogiri (1.5.6)
    rack (1.4.4)
    rack-protection (1.3.2)
      rack
    sinatra (1.3.3)
      rack (~> 1.3, >= 1.3.6)
      rack-protection (~> 1.2)
      tilt (~> 1.3, >= 1.3.3)
    tilt (1.3.3)

PLATFORMS
  ruby

DEPENDENCIES
  bdz
  json
  sinatra
